GIT
  remote: https://github.com/ahoward/ro
  revision: b826a7affd63c5ebb1ecf80b65070619f3bb28de
  specs:
    ro (4.2.1)
      ak47 (~> 0.2)
      image_size (~> 3.4)
      kramdown (~> 2.4, >= 2.4.0)
      kramdown-parser-gfm (~> 1.1, >= 1.1.0)
      map (~> 6.6, >= 6.6.0)
      nokogiri (~> 1)
      rouge (~> 4.1, >= 4.1.1)
      webrick (~> 1.8.1)

GEM
  remote: https://rubygems.org/
  specs:
    ak47 (0.2.5)
      guard (~> 0.10.0)
      shell_tools (~> 0.1.0)
      smart_colored
    ffi (1.17.0)
    ffi (1.17.0-x86_64-linux-gnu)
    guard (0.10.0)
      ffi (>= 0.5.0)
      thor (~> 0.14.6)
    image_size (3.4.0)
    kramdown (2.5.1)
      rexml (>= 3.3.9)
    kramdown-parser-gfm (1.1.0)
      kramdown (~> 2.0)
    listen (3.9.0)
      rb-fsevent (~> 0.10, >= 0.10.3)
      rb-inotify (~> 0.9, >= 0.9.10)
    map (6.6.0)
    mini_portile2 (2.8.8)
    nio4r (2.7.4)
    nokogiri (1.17.2)
      mini_portile2 (~> 2.8.2)
      racc (~> 1.4)
    nokogiri (1.17.2-x86_64-linux)
      racc (~> 1.4)
    ostruct (0.6.0)
    parallel (1.26.3)
    puma (6.4.3)
      nio4r (~> 2.0)
    racc (1.8.1)
    rack (3.1.8)
    rackup (2.2.0)
      rack (>= 3)
    rb-fsevent (0.11.2)
    rb-inotify (0.11.1)
      ffi (~> 1.0)
    rerun (0.14.0)
      listen (~> 3.0)
    rexml (3.4.0)
    roda (3.87.0)
      rack
    rouge (4.5.1)
    shell_tools (0.1.2)
    smart_colored (1.1.1)
    thor (0.14.6)
    tilt (2.5.0)
    webrick (1.8.2)

PLATFORMS
  ruby
  x86_64-linux

DEPENDENCIES
  map
  ostruct
  parallel
  puma
  rackup
  rerun
  ro!
  roda
  tilt

BUNDLED WITH
   2.5.22
